PATH
  remote: ../..
  specs:
    orthoses-yard (0.1.0)
      orthoses (~> 1.2.0)
      yard

GEM
  remote: https://rubygems.org/
  specs:
    ast (2.4.2)
    commander (4.6.0)
      highline (~> 2.0.0)
    debug (1.6.2)
      irb (>= 1.3.6)
      reline (>= 0.3.1)
    highline (2.0.3)
    io-console (0.5.11)
    irb (1.4.2)
      reline (>= 0.3.0)
    orthoses (1.2.0)
      rbs (~> 2.0)
    parlour (5.0.0)
      commander (~> 4.5)
      parser
      rainbow (~> 3.0)
      sorbet-runtime (>= 0.5)
    parser (3.1.2.1)
      ast (~> 2.4.1)
    rack (3.0.0)
    rainbow (3.1.1)
    rake (13.0.6)
    rbs (2.7.0)
    reline (0.3.1)
      io-console (~> 0.5)
    sorbet-runtime (0.5.10482)
    sord (5.0.0)
      commander (~> 4.5)
      parlour (~> 5.0)
      rbs (~> 2.0)
      sorbet-runtime
      yard
    webrick (1.7.0)
    yard (0.9.28)
      webrick (~> 1.7.0)

PLATFORMS
  arm64-darwin-21

DEPENDENCIES
  debug
  orthoses-yard!
  rack
  rake
  sord
  yard

BUNDLED WITH
   2.3.16
