PATH
  remote: ../..
  specs:
    orthoses-yard (0.3.0)
      orthoses (>= 1.3.0, < 2.0)
      yard

GEM
  remote: https://rubygems.org/
  specs:
    ast (2.4.2)
    commander (4.6.0)
      highline (~> 2.0.0)
    debug (1.8.0)
      irb (>= 1.5.0)
      reline (>= 0.3.1)
    highline (2.0.3)
    io-console (0.6.0)
    irb (1.8.1)
      rdoc
      reline (>= 0.3.8)
    orthoses (1.11.0)
      rbs (~> 3.0)
    parlour (5.0.0)
      commander (~> 4.5)
      parser
      rainbow (~> 3.0)
      sorbet-runtime (>= 0.5)
    parser (3.2.2.3)
      ast (~> 2.4.1)
      racc
    psych (5.1.0)
      stringio
    racc (1.7.1)
    rack (3.0.8)
    rackup (2.1.0)
      rack (>= 3)
      webrick (~> 1.8)
    rainbow (3.1.1)
    rake (13.0.6)
    rbs (3.2.1)
    rdoc (6.5.0)
      psych (>= 4.0.0)
    reline (0.3.8)
      io-console (~> 0.5)
    sorbet-runtime (0.5.11011)
    sord (6.0.0)
      commander (~> 4.5)
      parlour (~> 5.0)
      rbs (~> 3.0)
      sorbet-runtime
      yard
    stringio (3.0.8)
    webrick (1.8.1)
    yard (0.9.34)

PLATFORMS
  arm64-darwin-21
  arm64-darwin-22

DEPENDENCIES
  debug
  orthoses-yard!
  rack
  rackup
  rake
  sord
  yard

BUNDLED WITH
   2.3.16
